GEM
  specs:
    activesupport (3.1.1)
      multi_json (~> 1.0)
    adhearsion (1.2.3)
      activesupport (>= 2.1.0)
      bundler (>= 1.0.10)
      i18n
      json
      log4r (>= 1.0.5)
      pry
      rake
      rubigen (>= 1.5.6)
    coderay (0.9.8)
    i18n (0.6.0)
    json (1.6.1)
    log4r (1.1.9)
    method_source (0.6.7)
      ruby_parser (>= 2.3.1)
    multi_json (1.0.3)
    pry (0.9.7.4)
      coderay (~> 0.9.8)
      method_source (~> 0.6.7)
      ruby_parser (>= 2.3.1)
      slop (~> 2.1.0)
    rake (0.9.2.2)
    rubigen (1.5.6)
      activesupport (>= 2.3.5)
      i18n
    ruby_parser (2.3.1)
      sexp_processor (~> 3.0)
    sexp_processor (3.0.9)
    slop (2.1.0)

PLATFORMS
  ruby

DEPENDENCIES
  adhearsion
